GEM
  remote: https://rubygems.org/
  specs:
    builder (3.1.4)
    rack (1.4.1)
    rack-protection (1.2.0)
      rack
    rsolr (1.0.8)
      builder (>= 2.1.2)
    sinatra (1.3.3)
      rack (~> 1.3, >= 1.3.6)
      rack-protection (~> 1.2)
      tilt (~> 1.3, >= 1.3.3)
    tilt (1.3.3)

PLATFORMS
  ruby

DEPENDENCIES
  rsolr
  sinatra
